GEM
  remote: https://rubygems.org/
  specs:
    builder (3.2.2)
    capify-ec2 (1.4.11)
      capistrano (~> 2.14)
      colored (= 1.2)
      fog (= 1.3.1)
    capistrano (2.15.4)
      highline
      net-scp (>= 1.0.0)
      net-sftp (>= 2.0.0)
      net-ssh (>= 2.0.14)
      net-ssh-gateway (>= 1.1.0)
    capistrano-platform-resources (0.1.3)
      capistrano (< 3)
    capistrano-virtualenv (0.1.1)
      capistrano
      capistrano-platform-resources (>= 0.1.1)
    colored (1.2)
    excon (0.13.4)
    fog (1.3.1)
      builder
      excon (~> 0.13.0)
      formatador (~> 0.2.0)
      mime-types
      multi_json (~> 1.0)
      net-scp (~> 1.0.4)
      net-ssh (>= 2.1.3)
      nokogiri (~> 1.5.0)
      ruby-hmac
    formatador (0.2.4)
    highline (1.6.19)
    mime-types (1.23)
    multi_json (1.7.7)
    net-scp (1.0.4)
      net-ssh (>= 1.99.1)
    net-sftp (2.1.2)
      net-ssh (>= 2.6.5)
    net-ssh (2.6.8)
    net-ssh-gateway (1.2.0)
      net-ssh (>= 2.6.5)
    nokogiri (1.5.10)
    railsless-deploy (1.1.2)
    ruby-hmac (0.4.0)

PLATFORMS
  ruby

DEPENDENCIES
  capify-ec2 (= 1.4.11)
  capistrano (= 2.15.4)
  capistrano-virtualenv (= 0.1.1)
  railsless-deploy (= 1.1.2)
